GIT
  remote: git://github.com/arches/table_print.git
  revision: 0fba61ba8c82e81dc8eb175b0b9cde76251b2b5a
  specs:
    table_print (1.5.3)

GIT
  remote: git://github.com/o-sam-o/toname.git
  revision: d57a780a0db22b49a1b9ac92533dcfdb8151d7fb
  specs:
    toname (0.1.1)

GIT
  remote: git://github.com/paul/progress_bar.git
  revision: fbb201e0f97e5b69de0f5c2ebd5cc5cfbf31ac44
  specs:
    progress_bar (1.0.3)
      highline (~> 1.6.1)
      options (~> 2.3.0)

GEM
  remote: https://rubygems.org/
  specs:
    highline (1.6.21)
    options (2.3.2)

PLATFORMS
  ruby

DEPENDENCIES
  progress_bar!
  table_print!
  toname!
